ObjectType = Image
NDims = 3
BinaryData = True
BinaryDataByteOrderMSB = False
CompressedData = False
TransformMatrix = 1 0 0 0 1 0 0 0 1
Offset = -170.677734375 -303.677734375 -408.69999999999999
CenterOfRotation = 0 0 0
AnatomicalOrientation = RAI
ElementSpacing = 0.64453125 0.64453125 1.7999999523162842
DimSize = 512 512 225
ElementType = MET_SHORT
ElementDataFile = ct_scan_1.raw
